STORAGE: NONE
NUGET
  remote: https://api.nuget.org/v3/index.json
    Azure.Core (1.36) - restriction: >= net6.0
      Microsoft.Bcl.AsyncInterfaces (>= 1.1.1) - restriction: || (>= net461) (>= netstandard2.0)
      System.Diagnostics.DiagnosticSource (>= 6.0.1) - restriction: || (>= net461) (>= net5.0) (&& (< netcoreapp2.1) (>= netstandard2.0))
      System.Memory.Data (>= 1.0.2) - restriction: || (>= net461) (>= netstandard2.0)
      System.Numerics.Vectors (>= 4.5) - restriction: || (>= net461) (>= netstandard2.0)
      System.Text.Encodings.Web (>= 4.7.2) - restriction: || (>= net461) (>= netstandard2.0)
      System.Text.Json (>= 4.7.2) - restriction: || (>= net461) (>= netstandard2.0)
      System.Threading.Tasks.Extensions (>= 4.5.4) - restriction: || (>= net461) (>= netstandard2.0)
    Azure.Identity (1.10.4) - restriction: >= net6.0
      Azure.Core (>= 1.36) - restriction: >= netstandard2.0
      Microsoft.Identity.Client (>= 4.56) - restriction: >= netstandard2.0
      Microsoft.Identity.Client.Extensions.Msal (>= 4.56) - restriction: >= netstandard2.0
      System.Memory (>= 4.5.4) - restriction: >= netstandard2.0
      System.Security.Cryptography.ProtectedData (>= 4.7) - restriction: >= netstandard2.0
      System.Text.Json (>= 4.7.2) - restriction: >= netstandard2.0
      System.Threading.Tasks.Extensions (>= 4.5.4) - restriction: >= netstandard2.0
    Humanizer.Core (2.14.1) - restriction: >= net8.0
    Microsoft.Bcl.AsyncInterfaces (8.0) - restriction: >= net6.0
    Microsoft.CodeAnalysis.Analyzers (3.3.4) - restriction: >= net8.0
    Microsoft.CodeAnalysis.Common (4.7) - restriction: >= net8.0
      Microsoft.CodeAnalysis.Analyzers (>= 3.3.4) - restriction: >= netstandard2.0
      System.Collections.Immutable (>= 7.0) - restriction: >= netstandard2.0
      System.Reflection.Metadata (>= 7.0) - restriction: >= netstandard2.0
      System.Runtime.CompilerServices.Unsafe (>= 6.0) - restriction: >= netstandard2.0
    Microsoft.CodeAnalysis.CSharp (4.7) - restriction: >= net8.0
      Microsoft.CodeAnalysis.Common (4.7) - restriction: >= netstandard2.0
    Microsoft.CodeAnalysis.CSharp.Workspaces (4.7) - restriction: >= net8.0
      Humanizer.Core (>= 2.14.1) - restriction: >= netstandard2.0
      Microsoft.CodeAnalysis.Common (4.7) - restriction: >= netstandard2.0
      Microsoft.CodeAnalysis.CSharp (4.7) - restriction: >= netstandard2.0
      Microsoft.CodeAnalysis.Workspaces.Common (4.7) - restriction: >= netstandard2.0
    Microsoft.CodeAnalysis.Workspaces.Common (4.7) - restriction: >= net8.0
      Humanizer.Core (>= 2.14.1) - restriction: >= netstandard2.0
      Microsoft.Bcl.AsyncInterfaces (>= 7.0) - restriction: >= netstandard2.0
      Microsoft.CodeAnalysis.Common (4.7) - restriction: >= netstandard2.0
      System.Composition (>= 7.0) - restriction: >= netstandard2.0
      System.IO.Pipelines (>= 7.0) - restriction: >= netstandard2.0
      System.Threading.Channels (>= 7.0) - restriction: >= netstandard2.0
    Microsoft.Data.SqlClient (5.1.2) - restriction: >= net6.0
      Azure.Identity (>= 1.7) - restriction: || (>= net462) (>= netstandard2.0)
      Microsoft.Data.SqlClient.SNI.runtime (>= 5.1.1) - restriction: || (&& (< net462) (>= netstandard2.0)) (>= netstandard2.1)
      Microsoft.Identity.Client (>= 4.47.2) - restriction: || (>= net462) (>= netstandard2.0)
      Microsoft.IdentityModel.JsonWebTokens (>= 6.24) - restriction: || (>= net462) (>= netstandard2.0)
      Microsoft.IdentityModel.Protocols.OpenIdConnect (>= 6.24) - restriction: || (>= net462) (>= netstandard2.0)
      Microsoft.SqlServer.Server (>= 1.0) - restriction: || (&& (< net462) (>= netstandard2.0)) (>= netstandard2.1)
      System.Configuration.ConfigurationManager (>= 6.0.1) - restriction: || (>= net462) (>= netstandard2.0)
      System.Diagnostics.DiagnosticSource (>= 6.0) - restriction: >= net6.0
      System.Runtime.Caching (>= 6.0) - restriction: || (&& (< net462) (>= netstandard2.0)) (>= netstandard2.1)
      System.Security.Cryptography.Cng (>= 5.0) - restriction: || (&& (< net462) (>= netstandard2.0)) (>= netstandard2.1)
      System.Security.Principal.Windows (>= 5.0) - restriction: || (&& (< net462) (>= netstandard2.0)) (>= netstandard2.1)
      System.Text.Encoding.CodePages (>= 6.0) - restriction: || (&& (< net462) (>= netstandard2.0)) (>= netstandard2.1)
      System.Text.Encodings.Web (>= 6.0) - restriction: || (>= net462) (>= netstandard2.0)
    Microsoft.Data.SqlClient.SNI.runtime (5.1.1) - restriction: >= net6.0
    Microsoft.EntityFrameworkCore (8.0) - restriction: >= net8.0
      Microsoft.EntityFrameworkCore.Abstractions (>= 8.0) - restriction: >= net8.0
      Microsoft.EntityFrameworkCore.Analyzers (>= 8.0) - restriction: >= net8.0
      Microsoft.Extensions.Caching.Memory (>= 8.0) - restriction: >= net8.0
      Microsoft.Extensions.Logging (>= 8.0) - restriction: >= net8.0
    Microsoft.EntityFrameworkCore.Abstractions (8.0) - restriction: >= net8.0
    Microsoft.EntityFrameworkCore.Analyzers (8.0) - restriction: >= net8.0
    Microsoft.EntityFrameworkCore.Design (8.0) - restriction: >= net6.0
      Humanizer.Core (>= 2.14.1) - restriction: >= net8.0
      Microsoft.CodeAnalysis.CSharp.Workspaces (>= 4.5) - restriction: >= net8.0
      Microsoft.EntityFrameworkCore.Relational (>= 8.0) - restriction: >= net8.0
      Microsoft.Extensions.DependencyModel (>= 8.0) - restriction: >= net8.0
      Mono.TextTemplating (>= 2.2.1) - restriction: >= net8.0
    Microsoft.EntityFrameworkCore.Relational (8.0) - restriction: >= net6.0
      Microsoft.EntityFrameworkCore (>= 8.0) - restriction: >= net8.0
      Microsoft.Extensions.Configuration.Abstractions (>= 8.0) - restriction: >= net8.0
    Microsoft.EntityFrameworkCore.SqlServer (7.0.14)
      Microsoft.Data.SqlClient (>= 5.1.1) - restriction: >= net6.0
      Microsoft.EntityFrameworkCore.Relational (>= 7.0.14) - restriction: >= net6.0
    Microsoft.EntityFrameworkCore.Tools (7.0.14)
      Microsoft.EntityFrameworkCore.Design (>= 7.0.14) - restriction: >= net6.0
    Microsoft.Extensions.Caching.Abstractions (8.0) - restriction: >= net8.0
      Microsoft.Extensions.Primitives (>= 8.0) - restriction: || (>= net462) (>= netstandard2.0)
    Microsoft.Extensions.Caching.Memory (8.0) - restriction: >= net8.0
      Microsoft.Extensions.Caching.Abstractions (>= 8.0) - restriction: || (>= net462) (>= netstandard2.0)
      Microsoft.Extensions.DependencyInjection.Abstractions (>= 8.0) - restriction: || (>= net462) (>= netstandard2.0)
      Microsoft.Extensions.Logging.Abstractions (>= 8.0) - restriction: || (>= net462) (>= netstandard2.0)
      Microsoft.Extensions.Options (>= 8.0) - restriction: || (>= net462) (>= netstandard2.0)
      Microsoft.Extensions.Primitives (>= 8.0) - restriction: || (>= net462) (>= netstandard2.0)
    Microsoft.Extensions.Configuration.Abstractions (8.0) - restriction: >= net8.0
      Microsoft.Extensions.Primitives (>= 8.0) - restriction: || (>= net462) (>= netstandard2.0)
    Microsoft.Extensions.DependencyInjection (8.0) - restriction: >= net8.0
      Microsoft.Extensions.DependencyInjection.Abstractions (>= 8.0) - restriction: || (>= net462) (>= netstandard2.0)
    Microsoft.Extensions.DependencyInjection.Abstractions (8.0) - restriction: >= net8.0
    Microsoft.Extensions.DependencyModel (8.0) - restriction: >= net8.0
      System.Text.Encodings.Web (>= 8.0) - restriction: || (>= net462) (>= netstandard2.0)
      System.Text.Json (>= 8.0) - restriction: || (>= net462) (>= netstandard2.0)
    Microsoft.Extensions.Logging (8.0) - restriction: >= net8.0
      Microsoft.Extensions.DependencyInjection (>= 8.0) - restriction: || (>= net462) (>= netstandard2.0)
      Microsoft.Extensions.Logging.Abstractions (>= 8.0) - restriction: || (>= net462) (>= netstandard2.0)
      Microsoft.Extensions.Options (>= 8.0) - restriction: || (>= net462) (>= netstandard2.0)
    Microsoft.Extensions.Logging.Abstractions (8.0) - restriction: >= net8.0
      Microsoft.Extensions.DependencyInjection.Abstractions (>= 8.0) - restriction: || (>= net462) (>= netstandard2.0)
    Microsoft.Extensions.Options (8.0) - restriction: >= net8.0
      Microsoft.Extensions.DependencyInjection.Abstractions (>= 8.0) - restriction: || (>= net462) (>= netstandard2.0)
      Microsoft.Extensions.Primitives (>= 8.0) - restriction: || (>= net462) (>= netstandard2.0)
    Microsoft.Extensions.Primitives (8.0) - restriction: >= net8.0
    Microsoft.Identity.Client (4.57) - restriction: >= net6.0
      Microsoft.Identity.Client.NativeInterop (>= 0.13.12) - restriction: >= net6.0-windows7.0
      Microsoft.IdentityModel.Abstractions (>= 6.22) - restriction: || (&& (>= monoandroid10.0) (< net6.0)) (&& (< monoandroid10.0) (>= monoandroid9.0) (< net6.0)) (&& (< monoandroid9.0) (< net45) (< net6.0) (>= netstandard2.0) (< xamarinios)) (&& (< monoandroid9.0) (>= net6.0) (< xamarinios)) (&& (>= net45) (< netstandard2.0)) (&& (< net45) (< netstandard2.0)) (>= net461) (&& (< net6.0) (>= xamarinios)) (>= net6.0-android) (>= net6.0-ios) (>= net6.0-windows7.0)
      Microsoft.Web.WebView2 (>= 1.0.864.35) - restriction: >= net6.0-windows7.0
      System.Runtime.InteropServices.NFloat.Internal (>= 6.0.1) - restriction: >= net6.0-ios
      System.Security.SecureString (>= 4.3) - restriction: || (&& (>= monoandroid10.0) (< net6.0)) (&& (< monoandroid10.0) (>= monoandroid9.0) (< net6.0)) (&& (< net45) (< netstandard2.0)) (&& (< net6.0) (>= xamarinios)) (>= net6.0-android) (>= net6.0-ios)
    Microsoft.Identity.Client.Extensions.Msal (4.57) - restriction: >= net6.0
      Microsoft.Identity.Client (>= 4.57) - restriction: >= netstandard2.0
      System.IO.FileSystem.AccessControl (>= 5.0) - restriction: >= netstandard2.0
      System.Security.Cryptography.ProtectedData (>= 4.5) - restriction: >= netstandard2.0
    Microsoft.Identity.Client.NativeInterop (0.13.12) - restriction: >= net6.0-windows7.0
    Microsoft.IdentityModel.Abstractions (7.0.3) - restriction: >= net6.0
    Microsoft.IdentityModel.JsonWebTokens (7.0.3) - restriction: >= net6.0
      Microsoft.IdentityModel.Tokens (>= 7.0.3) - restriction: || (&& (>= net461) (< netstandard2.0)) (&& (< net461) (>= netstandard2.0)) (>= net462) (>= net6.0)
    Microsoft.IdentityModel.Logging (7.0.3) - restriction: >= net6.0
      Microsoft.IdentityModel.Abstractions (>= 7.0.3) - restriction: || (&& (>= net461) (< netstandard2.0)) (&& (< net461) (>= netstandard2.0)) (>= net462) (>= net6.0)
    Microsoft.IdentityModel.Protocols (7.0.3) - restriction: >= net6.0
      Microsoft.IdentityModel.Logging (>= 7.0.3) - restriction: || (&& (>= net461) (< netstandard2.0)) (&& (< net461) (>= netstandard2.0)) (>= net462) (>= net6.0)
      Microsoft.IdentityModel.Tokens (>= 7.0.3) - restriction: || (&& (>= net461) (< netstandard2.0)) (&& (< net461) (>= netstandard2.0)) (>= net462) (>= net6.0)
    Microsoft.IdentityModel.Protocols.OpenIdConnect (7.0.3) - restriction: >= net6.0
      Microsoft.IdentityModel.Protocols (>= 7.0.3) - restriction: || (&& (>= net461) (< netstandard2.0)) (&& (< net461) (>= netstandard2.0)) (>= net462) (>= net6.0)
      System.IdentityModel.Tokens.Jwt (>= 7.0.3) - restriction: || (&& (>= net461) (< netstandard2.0)) (&& (< net461) (>= netstandard2.0)) (>= net462) (>= net6.0)
    Microsoft.IdentityModel.Tokens (7.0.3) - restriction: >= net6.0
      Microsoft.IdentityModel.Logging (>= 7.0.3) - restriction: || (&& (>= net461) (< netstandard2.0)) (&& (< net461) (>= netstandard2.0)) (>= net462) (>= net6.0)
    Microsoft.SqlServer.Server (1.0) - restriction: >= net6.0
    Microsoft.Web.WebView2 (1.0.2151.40) - restriction: >= net6.0-windows7.0
    Mono.TextTemplating (2.3.1) - restriction: >= net8.0
      System.CodeDom (>= 5.0) - restriction: || (&& (< net472) (>= netstandard2.0)) (>= netcoreapp2.1)
    System.Buffers (4.5.1) - restriction: || (&& (>= monoandroid) (>= net6.0) (< netstandard1.1)) (&& (< monoandroid) (>= net6.0) (< netstandard1.1)) (&& (< monoandroid) (>= net6.0) (< netstandard2.0)) (&& (>= monotouch) (>= net6.0)) (&& (>= net45) (>= net6.0) (< netstandard2.0)) (&& (>= net461) (>= net6.0)) (&& (>= net6.0) (< netcoreapp2.0)) (&& (>= net6.0) (< netstandard1.1) (>= win8)) (&& (>= net6.0) (< netstandard2.0) (>= wpa81)) (&& (>= net6.0) (>= xamarinios)) (&& (>= net6.0) (>= xamarinmac)) (&& (>= net6.0) (>= xamarintvos)) (&& (>= net6.0) (>= xamarinwatchos))
    System.CodeDom (8.0) - restriction: >= net8.0
    System.Collections.Immutable (8.0) - restriction: >= net8.0
    System.Composition (8.0) - restriction: >= net8.0
      System.Composition.AttributedModel (>= 8.0) - restriction: || (>= net462) (>= netstandard2.0)
      System.Composition.Convention (>= 8.0) - restriction: || (>= net462) (>= netstandard2.0)
      System.Composition.Hosting (>= 8.0) - restriction: || (>= net462) (>= netstandard2.0)
      System.Composition.Runtime (>= 8.0) - restriction: || (>= net462) (>= netstandard2.0)
      System.Composition.TypedParts (>= 8.0) - restriction: || (>= net462) (>= netstandard2.0)
    System.Composition.AttributedModel (8.0) - restriction: >= net8.0
    System.Composition.Convention (8.0) - restriction: >= net8.0
      System.Composition.AttributedModel (>= 8.0) - restriction: || (>= net462) (>= netstandard2.0)
    System.Composition.Hosting (8.0) - restriction: >= net8.0
      System.Composition.Runtime (>= 8.0) - restriction: || (>= net462) (>= netstandard2.0)
    System.Composition.Runtime (8.0) - restriction: >= net8.0
    System.Composition.TypedParts (8.0) - restriction: >= net8.0
      System.Composition.AttributedModel (>= 8.0) - restriction: || (>= net462) (>= netstandard2.0)
      System.Composition.Hosting (>= 8.0) - restriction: || (>= net462) (>= netstandard2.0)
      System.Composition.Runtime (>= 8.0) - restriction: || (>= net462) (>= netstandard2.0)
    System.Configuration.ConfigurationManager (8.0) - restriction: >= net6.0
      System.Diagnostics.EventLog (>= 8.0) - restriction: >= net7.0
      System.Security.Cryptography.ProtectedData (>= 8.0) - restriction: || (&& (< net462) (>= netstandard2.0)) (>= net6.0)
    System.Diagnostics.DiagnosticSource (8.0) - restriction: >= net6.0
      System.Runtime.CompilerServices.Unsafe (>= 6.0) - restriction: || (>= net462) (&& (>= net6.0) (< net7.0)) (&& (< net6.0) (>= netstandard2.0))
    System.Diagnostics.EventLog (8.0) - restriction: >= net7.0
    System.Formats.Asn1 (8.0) - restriction: && (>= net6.0) (< xamarinios) (< xamarinmac) (< xamarintvos) (< xamarinwatchos)
    System.IdentityModel.Tokens.Jwt (7.0.3) - restriction: >= net6.0
      Microsoft.IdentityModel.JsonWebTokens (>= 7.0.3) - restriction: || (&& (>= net461) (< netstandard2.0)) (&& (< net461) (>= netstandard2.0)) (>= net462) (>= net6.0)
      Microsoft.IdentityModel.Tokens (>= 7.0.3) - restriction: || (&& (>= net461) (< netstandard2.0)) (&& (< net461) (>= netstandard2.0)) (>= net462) (>= net6.0)
    System.IO.FileSystem.AccessControl (5.0) - restriction: >= net6.0
      System.Buffers (>= 4.5.1) - restriction: || (&& (>= monoandroid) (< netstandard1.3)) (>= monotouch) (&& (< net46) (< netcoreapp2.0) (>= netstandard2.0)) (>= xamarinios) (>= xamarinmac) (>= xamarintvos) (>= xamarinwatchos)
      System.Security.AccessControl (>= 5.0) - restriction: || (&& (>= monoandroid) (< netstandard1.3)) (&& (< monoandroid) (< net46) (>= netstandard1.3) (< netstandard2.0)) (&& (< monoandroid) (>= netcoreapp2.0)) (>= monotouch) (&& (>= net46) (< netstandard2.0)) (&& (< net46) (< netcoreapp2.0) (>= netstandard2.0)) (>= net461) (>= netcoreapp2.1) (>= uap10.1) (>= xamarinios) (>= xamarinmac) (>= xamarintvos) (>= xamarinwatchos)
      System.Security.Principal.Windows (>= 5.0) - restriction: || (&& (>= monoandroid) (< netstandard1.3)) (&& (< monoandroid) (< net46) (>= netstandard1.3) (< netstandard2.0)) (&& (< monoandroid) (>= netcoreapp2.0)) (>= monotouch) (&& (>= net46) (< netstandard2.0)) (&& (< net46) (< netcoreapp2.0) (>= netstandard2.0)) (>= net461) (>= netcoreapp2.1) (>= uap10.1) (>= xamarinios) (>= xamarinmac) (>= xamarintvos) (>= xamarinwatchos)
    System.IO.Pipelines (8.0) - restriction: >= net8.0
    System.Memory (4.5.5) - restriction: >= net6.0
      System.Buffers (>= 4.5.1) - restriction: || (&& (>= monoandroid) (< netstandard1.1)) (&& (< monoandroid) (< net45) (>= netstandard1.1) (< netstandard2.0) (< win8) (< wpa81)) (&& (< monoandroid) (< netstandard1.1) (>= portable-net45+win8+wpa81) (< win8)) (>= monotouch) (&& (>= net45) (< netstandard2.0)) (&& (< net45) (< netcoreapp2.0) (>= netstandard2.0)) (>= net461) (&& (< netstandard1.1) (>= win8)) (&& (< netstandard2.0) (< uap10.1) (>= wpa81)) (>= xamarinios) (>= xamarinmac) (>= xamarintvos) (>= xamarinwatchos)
      System.Runtime.CompilerServices.Unsafe (>= 4.5.3) - restriction: || (&& (>= monoandroid) (< netstandard1.1)) (&& (< monoandroid) (< net45) (>= netstandard1.1) (< netstandard2.0) (< win8) (< wpa81)) (&& (< monoandroid) (>= netcoreapp2.0) (< netcoreapp2.1)) (&& (< monoandroid) (< netstandard1.1) (>= portable-net45+win8+wpa81) (< win8)) (>= monotouch) (&& (>= net45) (< netstandard2.0)) (&& (< net45) (< netcoreapp2.0) (>= netstandard2.0)) (>= net461) (&& (< netstandard1.1) (>= win8)) (&& (< netstandard2.0) (>= wpa81)) (>= uap10.1) (>= xamarinios) (>= xamarinmac) (>= xamarintvos) (>= xamarinwatchos)
    System.Memory.Data (8.0) - restriction: >= net6.0
      System.Text.Json (>= 8.0) - restriction: || (>= net462) (>= netstandard2.0)
    System.Numerics.Vectors (4.5) - restriction: >= net6.0
    System.Reflection.Metadata (8.0) - restriction: >= net8.0
      System.Collections.Immutable (>= 8.0) - restriction: || (>= net462) (>= netstandard2.0)
    System.Runtime.Caching (8.0) - restriction: >= net6.0
      System.Configuration.ConfigurationManager (>= 8.0) - restriction: >= netstandard2.0
    System.Runtime.CompilerServices.Unsafe (6.0) - restriction: || (&& (>= monoandroid) (>= net6.0) (< netstandard1.1)) (&& (< monoandroid) (>= net6.0) (< netcoreapp2.1)) (&& (< monoandroid) (>= net6.0) (< netstandard1.1)) (&& (< monoandroid) (>= net6.0) (< netstandard2.0)) (&& (>= monotouch) (>= net6.0)) (&& (>= net45) (>= net6.0) (< netstandard2.0)) (&& (>= net461) (>= net6.0)) (&& (>= net462) (>= net6.0)) (&& (>= net6.0) (< net7.0)) (&& (>= net6.0) (< netcoreapp2.0)) (&& (>= net6.0) (< netstandard1.1) (>= win8)) (&& (>= net6.0) (< netstandard2.0) (>= wpa81)) (&& (>= net6.0) (>= uap10.1)) (&& (>= net6.0) (>= xamarinios)) (&& (>= net6.0) (>= xamarinmac)) (&& (>= net6.0) (>= xamarintvos)) (&& (>= net6.0) (>= xamarinwatchos)) (>= net8.0)
    System.Runtime.InteropServices.NFloat.Internal (6.0.1) - restriction: >= net6.0-ios
    System.Security.AccessControl (6.0) - restriction: >= net6.0
    System.Security.Cryptography.Cng (5.0) - restriction: >= net6.0
      System.Formats.Asn1 (>= 5.0) - restriction: && (>= netcoreapp3.0) (< xamarinios) (< xamarinmac) (< xamarintvos) (< xamarinwatchos)
    System.Security.Cryptography.ProtectedData (8.0) - restriction: >= net6.0
    System.Security.Principal.Windows (5.0) - restriction: >= net6.0
    System.Security.SecureString (4.3) - restriction: || (&& (>= net6.0) (< netstandard2.0)) (>= net6.0-android) (>= net6.0-ios)
    System.Text.Encoding.CodePages (8.0) - restriction: >= net6.0
      System.Runtime.CompilerServices.Unsafe (>= 6.0) - restriction: || (>= net462) (&& (>= net6.0) (< net7.0)) (&& (< net6.0) (>= netstandard2.0))
    System.Text.Encodings.Web (8.0) - restriction: >= net6.0
      System.Runtime.CompilerServices.Unsafe (>= 6.0) - restriction: || (>= net462) (&& (>= net6.0) (< net7.0)) (&& (< net6.0) (>= netstandard2.0))
    System.Text.Json (8.0) - restriction: >= net6.0
      System.Text.Encodings.Web (>= 8.0) - restriction: || (>= net462) (>= netstandard2.0)
    System.Threading.Channels (8.0) - restriction: >= net8.0
    System.Threading.Tasks.Extensions (4.5.4) - restriction: >= net6.0
