STORAGE: NONE
NUGET
  remote: https://api.nuget.org/v3/index.json
    Humanizer.Core (2.14.1) - restriction: >= net6.0
    Microsoft.EntityFrameworkCore (8.0) - restriction: >= net8.0
      Microsoft.EntityFrameworkCore.Abstractions (>= 8.0) - restriction: >= net8.0
      Microsoft.EntityFrameworkCore.Analyzers (>= 8.0) - restriction: >= net8.0
      Microsoft.Extensions.Caching.Memory (>= 8.0) - restriction: >= net8.0
      Microsoft.Extensions.Logging (>= 8.0) - restriction: >= net8.0
    Microsoft.EntityFrameworkCore.Abstractions (8.0) - restriction: >= net8.0
    Microsoft.EntityFrameworkCore.Analyzers (8.0) - restriction: >= net8.0
    Microsoft.EntityFrameworkCore.Design (7.0.14)
      Humanizer.Core (>= 2.14.1) - restriction: >= net6.0
      Microsoft.EntityFrameworkCore.Relational (>= 7.0.14) - restriction: >= net6.0
      Microsoft.Extensions.DependencyModel (>= 7.0) - restriction: >= net6.0
      Mono.TextTemplating (>= 2.2.1) - restriction: >= net6.0
    Microsoft.EntityFrameworkCore.Relational (8.0) - restriction: >= net6.0
      Microsoft.EntityFrameworkCore (>= 8.0) - restriction: >= net8.0
      Microsoft.Extensions.Configuration.Abstractions (>= 8.0) - restriction: >= net8.0
    Microsoft.Extensions.Caching.Abstractions (8.0) - restriction: >= net8.0
      Microsoft.Extensions.Primitives (>= 8.0) - restriction: || (>= net462) (>= netstandard2.0)
    Microsoft.Extensions.Caching.Memory (8.0) - restriction: >= net8.0
      Microsoft.Extensions.Caching.Abstractions (>= 8.0) - restriction: || (>= net462) (>= netstandard2.0)
      Microsoft.Extensions.DependencyInjection.Abstractions (>= 8.0) - restriction: || (>= net462) (>= netstandard2.0)
      Microsoft.Extensions.Logging.Abstractions (>= 8.0) - restriction: || (>= net462) (>= netstandard2.0)
      Microsoft.Extensions.Options (>= 8.0) - restriction: || (>= net462) (>= netstandard2.0)
      Microsoft.Extensions.Primitives (>= 8.0) - restriction: || (>= net462) (>= netstandard2.0)
    Microsoft.Extensions.Configuration.Abstractions (8.0) - restriction: >= net8.0
      Microsoft.Extensions.Primitives (>= 8.0) - restriction: || (>= net462) (>= netstandard2.0)
    Microsoft.Extensions.DependencyInjection (8.0) - restriction: >= net8.0
      Microsoft.Extensions.DependencyInjection.Abstractions (>= 8.0) - restriction: || (>= net462) (>= netstandard2.0)
    Microsoft.Extensions.DependencyInjection.Abstractions (8.0) - restriction: >= net8.0
    Microsoft.Extensions.DependencyModel (8.0) - restriction: >= net6.0
      System.Text.Encodings.Web (>= 8.0) - restriction: || (>= net462) (>= netstandard2.0)
      System.Text.Json (>= 8.0) - restriction: || (>= net462) (>= netstandard2.0)
    Microsoft.Extensions.Logging (8.0) - restriction: >= net8.0
      Microsoft.Extensions.DependencyInjection (>= 8.0) - restriction: || (>= net462) (>= netstandard2.0)
      Microsoft.Extensions.Logging.Abstractions (>= 8.0) - restriction: || (>= net462) (>= netstandard2.0)
      Microsoft.Extensions.Options (>= 8.0) - restriction: || (>= net462) (>= netstandard2.0)
    Microsoft.Extensions.Logging.Abstractions (8.0) - restriction: >= net8.0
      Microsoft.Extensions.DependencyInjection.Abstractions (>= 8.0) - restriction: || (>= net462) (>= netstandard2.0)
    Microsoft.Extensions.Options (8.0) - restriction: >= net8.0
      Microsoft.Extensions.DependencyInjection.Abstractions (>= 8.0) - restriction: || (>= net462) (>= netstandard2.0)
      Microsoft.Extensions.Primitives (>= 8.0) - restriction: || (>= net462) (>= netstandard2.0)
    Microsoft.Extensions.Primitives (8.0) - restriction: >= net8.0
    Mono.TextTemplating (2.3.1) - restriction: >= net6.0
      System.CodeDom (>= 5.0) - restriction: || (&& (< net472) (>= netstandard2.0)) (>= netcoreapp2.1)
    System.CodeDom (8.0) - restriction: >= net6.0
    System.Runtime.CompilerServices.Unsafe (6.0) - restriction: || (&& (>= net462) (>= net6.0)) (&& (>= net6.0) (< net7.0))
    System.Text.Encodings.Web (8.0) - restriction: >= net6.0
      System.Runtime.CompilerServices.Unsafe (>= 6.0) - restriction: || (>= net462) (&& (>= net6.0) (< net7.0)) (&& (< net6.0) (>= netstandard2.0))
    System.Text.Json (8.0) - restriction: >= net6.0
      System.Runtime.CompilerServices.Unsafe (>= 6.0) - restriction: || (>= net462) (&& (>= net6.0) (< net7.0)) (&& (< net6.0) (>= netstandard2.0))
      System.Text.Encodings.Web (>= 8.0) - restriction: || (>= net462) (>= netstandard2.0)
